GEM
  remote: https://rubygems.org/
  specs:
    gmail (0.6.0)
      gmail_xoauth (>= 0.3.0)
      mail (>= 2.2.1)
    gmail_xoauth (0.4.2)
      oauth (>= 0.3.6)
    highline (1.7.8)
    mail (2.6.4)
      mime-types (>= 1.16, < 4)
    mime-types (3.1)
      mime-types-data (~> 3.2015)
    mime-types-data (3.2016.0521)
    oauth (0.5.1)

PLATFORMS
  ruby

DEPENDENCIES
  gmail
  highline

BUNDLED WITH
   1.12.5
